PATH
  remote: vendor/gems/authlogic
  specs:
    authlogic (2.1.6)
      activesupport

GEM
  remote: http://rubygems.org/
  specs:
    abstract (1.0.0)
    actionmailer (3.0.1)
      actionpack (= 3.0.1)
      mail (~> 2.2.5)
    actionpack (3.0.1)
      activemodel (= 3.0.1)
      activesupport (= 3.0.1)
      builder (~> 2.1.2)
      erubis (~> 2.6.6)
      i18n (~> 0.4.1)
      rack (~> 1.2.1)
      rack-mount (~> 0.6.12)
      rack-test (~> 0.5.4)
      tzinfo (~> 0.3.23)
    activemodel (3.0.1)
      activesupport (= 3.0.1)
      builder (~> 2.1.2)
      i18n (~> 0.4.1)
    activerecord (3.0.1)
      activemodel (= 3.0.1)
      activesupport (= 3.0.1)
      arel (~> 1.0.0)
      tzinfo (~> 0.3.23)
    activerecord-jdbc-adapter (1.0.2-java)
    activerecord-jdbcmysql-adapter (1.0.2-java)
      activerecord-jdbc-adapter (= 1.0.2)
      jdbc-mysql (~> 5.0.0)
    activerecord-jdbcsqlite3-adapter (1.0.2-java)
      activerecord-jdbc-adapter (= 1.0.2)
      jdbc-sqlite3 (~> 3.6.0)
    activeresource (3.0.1)
      activemodel (= 3.0.1)
      activesupport (= 3.0.1)
    activesupport (3.0.1)
    acts_as_commentable (3.0.1)
    annotate (2.4.0)
    arel (1.0.1)
      activesupport (~> 3.0.0)
    awesome_print (0.2.1)
    bouncy-castle-java (1.5.0145.2)
    builder (2.1.2)
    diff-lcs (1.1.2)
    erubis (2.6.6)
      abstract (>= 1.0.0)
    factory_girl (1.3.2)
    ffaker (1.0.0)
    haml (3.0.23)
    i18n (0.4.2)
    jdbc-mysql (5.0.4)
    jdbc-sqlite3 (3.6.14.2.056-java)
    jruby-jars (1.5.3)
    jruby-openssl (0.7.2)
      bouncy-castle-java
    jruby-rack (1.0.3)
    mail (2.2.9)
      activesupport (>= 2.3.6)
      i18n (~> 0.4.1)
      mime-types (~> 1.16)
      treetop (~> 1.4.8)
    mime-types (1.16)
    paperclip (2.3.5)
      activerecord
      activesupport
    polyglot (0.3.1)
    rack (1.2.1)
    rack-mount (0.6.13)
      rack (>= 1.0.0)
    rack-test (0.5.6)
      rack (>= 1.0)
    rails (3.0.1)
      actionmailer (= 3.0.1)
      actionpack (= 3.0.1)
      activerecord (= 3.0.1)
      activeresource (= 3.0.1)
      activesupport (= 3.0.1)
      bundler (~> 1.0.0)
      railties (= 3.0.1)
    railties (3.0.1)
      actionpack (= 3.0.1)
      activesupport (= 3.0.1)
      rake (>= 0.8.4)
      thor (~> 0.14.0)
    rake (0.8.7)
    rspec (2.0.1)
      rspec-core (~> 2.0.1)
      rspec-expectations (~> 2.0.1)
      rspec-mocks (~> 2.0.1)
    rspec-core (2.0.1)
    rspec-expectations (2.0.1)
      diff-lcs (>= 1.1.2)
    rspec-mocks (2.0.1)
      rspec-core (~> 2.0.1)
      rspec-expectations (~> 2.0.1)
    rspec-rails (2.0.1)
      rspec (~> 2.0.0)
    rubyzip (0.9.4)
    simple_column_search (1.1.0)
    thor (0.14.4)
    treetop (1.4.8)
      polyglot (>= 0.3.1)
    tzinfo (0.3.23)
    warbler (1.2.1)
      jruby-jars (>= 1.4.0)
      jruby-rack (>= 1.0.0)
      rake (>= 0.8.7)
      rubyzip (>= 0.9.4)
    will_paginate (3.0.pre2)

PLATFORMS
  java

DEPENDENCIES
  activerecord-jdbc-adapter
  activerecord-jdbcmysql-adapter
  activerecord-jdbcsqlite3-adapter
  acts_as_commentable (>= 3.0.0)
  annotate (>= 2.4.0)
  authlogic (>= 2.1.6)!
  awesome_print (>= 0.2.1)
  factory_girl (>= 1.3.2)
  ffaker (>= 0.4.0)
  haml (>= 3.0.21)
  jruby-openssl
  jruby-rack
  paperclip (>= 2.3.3)
  rails (= 3.0.1)
  rspec (>= 2.0.1)
  rspec-core (>= 2.0.1)
  rspec-expectations (>= 2.0.1)
  rspec-mocks (>= 2.0.1)
  rspec-rails (>= 2.0.1)
  simple_column_search (>= 1.1.0)
  warbler
  will_paginate (>= 3.0.pre2)
